GEM
  remote: https://rubygems.org/
  specs:
    ast (2.4.0)
    kramdown (2.1.0)
    mini_portile2 (2.4.0)
    net-sftp (2.1.2)
      net-ssh (>= 2.6.5)
    net-ssh (5.1.0)
    nokogiri (1.10.1)
      mini_portile2 (~> 2.4.0)
    polyglot (0.3.5)
    treetop (1.6.10)
      polyglot (~> 0.3)

PLATFORMS
  ruby

DEPENDENCIES
  ast
  kramdown
  net-sftp
  net-ssh
  nokogiri
  treetop

BUNDLED WITH
   2.0.1
